GEM
  remote: https://rubygems.org/
  specs:
    gnuplot (2.6.2)

PLATFORMS
  ruby

DEPENDENCIES
  gnuplot

BUNDLED WITH
   1.11.2
